PATH
  remote: .
  specs:
    iris (0.3.0)
      colorize
      telegram-bot-ruby
      thor
      twitter

GEM
  remote: https://rubygems.org/
  specs:
    addressable (2.8.0)
      public_suffix (>= 2.0.2, < 5.0)
    ast (2.4.2)
    axiom-types (0.1.1)
      descendants_tracker (~> 0.0.4)
      ice_nine (~> 0.11.0)
      thread_safe (~> 0.3, >= 0.3.1)
    buftok (0.2.0)
    bump (0.10.0)
    coercible (1.0.0)
      descendants_tracker (~> 0.0.1)
    colorize (0.8.1)
    descendants_tracker (0.0.4)
      thread_safe (~> 0.3, >= 0.3.1)
    domain_name (0.5.20190701)
      unf (>= 0.0.5, < 1.0.0)
    dry-inflector (0.2.1)
    equalizer (0.0.11)
    faraday (1.10.0)
      faraday-em_http (~> 1.0)
      faraday-em_synchrony (~> 1.0)
      faraday-excon (~> 1.1)
      faraday-httpclient (~> 1.0)
      faraday-multipart (~> 1.0)
      faraday-net_http (~> 1.0)
      faraday-net_http_persistent (~> 1.0)
      faraday-patron (~> 1.0)
      faraday-rack (~> 1.0)
      faraday-retry (~> 1.0)
      ruby2_keywords (>= 0.0.4)
    faraday-em_http (1.0.0)
    faraday-em_synchrony (1.0.0)
    faraday-excon (1.1.0)
    faraday-httpclient (1.0.1)
    faraday-multipart (1.0.4)
      multipart-post (~> 2)
    faraday-net_http (1.0.1)
    faraday-net_http_persistent (1.2.0)
    faraday-patron (1.0.0)
    faraday-rack (1.0.0)
    faraday-retry (1.0.3)
    ffi (1.15.5)
    ffi-compiler (1.0.1)
      ffi (>= 1.0.0)
      rake
    http (4.4.1)
      addressable (~> 2.3)
      http-cookie (~> 1.0)
      http-form_data (~> 2.2)
      http-parser (~> 1.2.0)
    http-cookie (1.0.5)
      domain_name (~> 0.5)
    http-form_data (2.3.0)
    http-parser (1.2.3)
      ffi-compiler (>= 1.0, < 2.0)
    http_parser.rb (0.6.0)
    ice_nine (0.11.2)
    memoizable (0.4.2)
      thread_safe (~> 0.3, >= 0.3.1)
    multipart-post (2.2.0)
    naught (1.1.0)
    parallel (1.22.1)
    parser (3.1.2.0)
      ast (~> 2.4.1)
    power_assert (2.0.1)
    public_suffix (4.0.7)
    rainbow (3.1.1)
    rake (13.0.6)
    regexp_parser (2.4.0)
    rexml (3.2.5)
    rubocop (1.29.1)
      parallel (~> 1.10)
      parser (>= 3.1.0.0)
      rainbow (>= 2.2.2, < 4.0)
      regexp_parser (>= 1.8, < 3.0)
      rexml (>= 3.2.5, < 4.0)
      rubocop-ast (>= 1.17.0, < 2.0)
      ruby-progressbar (~> 1.7)
      unicode-display_width (>= 1.4.0, < 3.0)
    rubocop-ast (1.18.0)
      parser (>= 3.1.1.0)
    rubocop-performance (1.13.3)
      rubocop (>= 1.7.0, < 2.0)
      rubocop-ast (>= 0.4.0)
    ruby-progressbar (1.11.0)
    ruby2_keywords (0.0.5)
    simple_oauth (0.3.1)
    standard (1.12.1)
      rubocop (= 1.29.1)
      rubocop-performance (= 1.13.3)
    telegram-bot-ruby (0.19.2)
      dry-inflector
      faraday (~> 1.0)
      virtus (~> 2.0)
    test-unit (3.5.3)
      power_assert
    thor (1.2.1)
    thread_safe (0.3.6)
    twitter (7.0.0)
      addressable (~> 2.3)
      buftok (~> 0.2.0)
      equalizer (~> 0.0.11)
      http (~> 4.0)
      http-form_data (~> 2.0)
      http_parser.rb (~> 0.6.0)
      memoizable (~> 0.4.0)
      multipart-post (~> 2.0)
      naught (~> 1.0)
      simple_oauth (~> 0.3.0)
    unf (0.1.4)
      unf_ext
    unf_ext (0.0.8.2)
    unicode-display_width (2.1.0)
    virtus (2.0.0)
      axiom-types (~> 0.1)
      coercible (~> 1.0)
      descendants_tracker (~> 0.0, >= 0.0.3)

PLATFORMS
  x86_64-linux

DEPENDENCIES
  bump
  iris!
  rake (~> 13.0)
  standard (~> 1.3)
  test-unit (~> 3.0)

BUNDLED WITH
   2.3.11
