GEM
  remote: https://rubygems.org/
  specs:
    colorize (0.8.1)
    thor (1.2.1)
    webrick (1.7.0)
    yard (0.9.27)
      webrick (~> 1.7.0)

PLATFORMS
  x86_64-linux

DEPENDENCIES
  colorize
  thor
  yard

BUNDLED WITH
   2.3.3
