GEM
  remote: https://rubygems.org/
  specs:
    colorize (0.8.1)
    thor (1.2.1)

PLATFORMS
  x86_64-linux

DEPENDENCIES
  colorize
  thor

BUNDLED WITH
   2.3.3
